GEM
  remote: https://rubygems.org/
  specs:
    minitest (5.2.1)

PLATFORMS
  ruby

DEPENDENCIES
  minitest
